GIT
  remote: https://github.com/rails/rails-controller-testing.git
  revision: c203673f8011a7cdc2a8edf995ae6b3eec3417ca
  branch: master
  specs:
    rails-controller-testing (1.0.5)
      actionpack (>= 5.0.1.rc1)
      actionview (>= 5.0.1.rc1)
      activesupport (>= 5.0.1.rc1)

GIT
  remote: https://github.com/trade-tariff/routing-filter.git
  revision: cc5861d8c51b72ab6fa5252e34e4d2cce786489d
  specs:
    routing-filter (1.0.0)
      actionpack (>= 7.1)
      activesupport (>= 7.1)

GEM
  remote: https://rubygems.org/
  specs:
    actioncable (8.0.2)
      actionpack (= 8.0.2)
      activesupport (= 8.0.2)
      nio4r (~> 2.0)
      websocket-driver (>= 0.6.1)
      zeitwerk (~> 2.6)
    actionmailbox (8.0.2)
      actionpack (= 8.0.2)
      activejob (= 8.0.2)
      activerecord (= 8.0.2)
      activestorage (= 8.0.2)
      activesupport (= 8.0.2)
      mail (>= 2.8.0)
    actionmailer (8.0.2)
      actionpack (= 8.0.2)
      actionview (= 8.0.2)
      activejob (= 8.0.2)
      activesupport (= 8.0.2)
      mail (>= 2.8.0)
      rails-dom-testing (~> 2.2)
    actionpack (8.0.2)
      actionview (= 8.0.2)
      activesupport (= 8.0.2)
      nokogiri (>= 1.8.5)
      rack (>= 2.2.4)
      rack-session (>= 1.0.1)
      rack-test (>= 0.6.3)
      rails-dom-testing (~> 2.2)
      rails-html-sanitizer (~> 1.6)
      useragent (~> 0.16)
    actiontext (8.0.2)
      actionpack (= 8.0.2)
      activerecord (= 8.0.2)
      activestorage (= 8.0.2)
      activesupport (= 8.0.2)
      globalid (>= 0.6.0)
      nokogiri (>= 1.8.5)
    actionview (8.0.2)
      activesupport (= 8.0.2)
      builder (~> 3.1)
      erubi (~> 1.11)
      rails-dom-testing (~> 2.2)
      rails-html-sanitizer (~> 1.6)
    activejob (8.0.2)
      activesupport (= 8.0.2)
      globalid (>= 0.3.6)
    activemodel (8.0.2)
      activesupport (= 8.0.2)
    activerecord (8.0.2)
      activemodel (= 8.0.2)
      activesupport (= 8.0.2)
      timeout (>= 0.4.0)
    activestorage (8.0.2)
      actionpack (= 8.0.2)
      activejob (= 8.0.2)
      activerecord (= 8.0.2)
      activesupport (= 8.0.2)
      marcel (~> 1.0)
    activesupport (8.0.2)
      base64
      benchmark (>= 0.3)
      bigdecimal
      concurrent-ruby (~> 1.0, >= 1.3.1)
      connection_pool (>= 2.2.5)
      drb
      i18n (>= 1.6, < 2)
      logger (>= 1.4.2)
      minitest (>= 5.1)
      securerandom (>= 0.3)
      tzinfo (~> 2.0, >= 2.0.5)
      uri (>= 0.13.1)
    addressable (2.8.7)
      public_suffix (>= 2.0.2, < 7.0)
    amazing_print (1.7.2)
    ast (2.4.3)
    aws-actionmailer-ses (1.0.0)
      actionmailer (>= 7.1.0)
      aws-sdk-ses (~> 1, >= 1.50.0)
      aws-sdk-sesv2 (~> 1, >= 1.34.0)
    aws-eventstream (1.3.2)
    aws-partitions (1.1082.0)
    aws-sdk-core (3.222.1)
      aws-eventstream (~> 1, >= 1.3.0)
      aws-partitions (~> 1, >= 1.992.0)
      aws-sigv4 (~> 1.9)
      base64
      jmespath (~> 1, >= 1.6.1)
      logger
    aws-sdk-rails (5.1.0)
      aws-sdk-core (~> 3)
      railties (>= 7.1.0)
    aws-sdk-ses (1.82.0)
      aws-sdk-core (~> 3, >= 3.216.0)
      aws-sigv4 (~> 1.5)
    aws-sdk-sesv2 (1.74.0)
      aws-sdk-core (~> 3, >= 3.216.0)
      aws-sigv4 (~> 1.5)
    aws-sigv4 (1.11.0)
      aws-eventstream (~> 1, >= 1.0.2)
    base64 (0.2.0)
    benchmark (0.4.0)
    bigdecimal (3.1.9)
    bootsnap (1.18.4)
      msgpack (~> 1.2)
    brakeman (7.0.2)
      racc
    builder (3.3.0)
    capybara (3.40.0)
      addressable
      matrix
      mini_mime (>= 0.1.3)
      nokogiri (~> 1.11)
      rack (>= 1.6.0)
      rack-test (>= 0.6.3)
      regexp_parser (>= 1.5, < 3.0)
      xpath (~> 3.2)
    childprocess (5.1.0)
      logger (~> 1.5)
    coderay (1.1.3)
    concurrent-ruby (1.3.5)
    connection_pool (2.5.0)
    crack (1.0.0)
      bigdecimal
      rexml
    crass (1.0.6)
    cuprite (0.15.1)
      capybara (~> 3.0)
      ferrum (~> 0.15.0)
    date (3.4.1)
    diff-lcs (1.6.1)
    docile (1.4.1)
    dotenv (3.1.8)
    dotenv-rails (3.1.8)
      dotenv (= 3.1.8)
      railties (>= 6.1)
    drb (2.2.1)
    erubi (1.13.1)
    factory_bot (6.5.1)
      activesupport (>= 6.1.0)
    factory_bot_rails (6.4.4)
      factory_bot (~> 6.5)
      railties (>= 5.0.0)
    faraday (2.12.2)
      faraday-net_http (>= 2.0, < 3.5)
      json
      logger
    faraday-http-cache (2.5.1)
      faraday (>= 0.8)
    faraday-net_http (3.4.0)
      net-http (>= 0.5.0)
    faraday-net_http_persistent (2.3.0)
      faraday (~> 2.5)
      net-http-persistent (>= 4.0.4, < 5)
    faraday-retry (2.3.1)
      faraday (~> 2.0)
    ferrum (0.15)
      addressable (~> 2.5)
      concurrent-ruby (~> 1.1)
      webrick (~> 1.7)
      websocket-driver (~> 0.7)
    ffi (1.17.1-arm64-darwin)
    ffi (1.17.1-x86_64-darwin)
    ffi (1.17.1-x86_64-linux-gnu)
    ffi (1.17.1-x86_64-linux-musl)
    forgery (0.8.1)
    formatador (1.1.0)
    globalid (1.2.1)
      activesupport (>= 6.1)
    google-protobuf (4.30.2-arm64-darwin)
      bigdecimal
      rake (>= 13)
    google-protobuf (4.30.2-x86_64-darwin)
      bigdecimal
      rake (>= 13)
    google-protobuf (4.30.2-x86_64-linux)
      bigdecimal
      rake (>= 13)
    googleapis-common-protos-types (1.19.0)
      google-protobuf (>= 3.18, < 5.a)
    govspeak (10.2.3)
      actionview (>= 6, < 8.0.3)
      addressable (>= 2.3.8, < 2.8.8)
      govuk_publishing_components (>= 43)
      htmlentities (~> 4)
      i18n (>= 0.7, < 1.14.8)
      kramdown (>= 2.3.1, < 2.5.2)
      nokogiri (~> 1.12)
      rinku (~> 2.0)
      sanitize (>= 6, < 8)
    govuk_app_config (9.16.9)
      logstasher (~> 2.1)
      opentelemetry-exporter-otlp (>= 0.25, < 0.31)
      opentelemetry-instrumentation-all (>= 0.39.1, < 0.75.0)
      opentelemetry-sdk (~> 1.2)
      plek (>= 4, < 6)
      prometheus_exporter (~> 2.0)
      puma (>= 5.6, < 7.0)
      rack-proxy (~> 0.7)
      sentry-rails (~> 5.3)
      sentry-ruby (~> 5.3)
      statsd-ruby (~> 1.5)
    govuk_design_system_formbuilder (5.9.0)
      actionview (>= 6.1)
      activemodel (>= 6.1)
      activesupport (>= 6.1)
      html-attributes-utils (~> 1)
    govuk_personalisation (1.1.0)
      plek (>= 1.9.0)
      rails (>= 6, < 9)
    govuk_publishing_components (56.2.0)
      govuk_app_config
      govuk_personalisation (>= 0.7.0)
      kramdown
      ostruct
      plek
      rails (>= 6)
      rouge
      sprockets (>= 3)
      sprockets-rails
    guard (2.19.1)
      formatador (>= 0.2.4)
      listen (>= 2.7, < 4.0)
      logger (~> 1.6)
      lumberjack (>= 1.0.12, < 2.0)
      nenv (~> 0.1)
      notiffany (~> 0.0)
      ostruct (~> 0.6)
      pry (>= 0.13.0)
      shellany (~> 0.0)
      thor (>= 0.18.1)
    guard-compat (1.2.1)
    guard-rspec (4.7.3)
      guard (~> 2.1)
      guard-compat (~> 1.1)
      rspec (>= 2.99.0, < 4.0)
    guard-rubocop (1.5.0)
      guard (~> 2.0)
      rubocop (< 2.0)
    hashdiff (1.1.2)
    html-attributes-utils (1.0.2)
      activesupport (>= 6.1.4.4)
    htmlentities (4.3.4)
    i18n (1.14.7)
      concurrent-ruby (~> 1.0)
    io-console (0.8.0)
    irb (1.15.2)
      pp (>= 0.6.0)
      rdoc (>= 4.0.0)
      reline (>= 0.4.2)
    jmespath (1.6.2)
    json (2.10.2)
    kaminari (1.2.2)
      activesupport (>= 4.1.0)
      kaminari-actionview (= 1.2.2)
      kaminari-activerecord (= 1.2.2)
      kaminari-core (= 1.2.2)
    kaminari-actionview (1.2.2)
      actionview
      kaminari-core (= 1.2.2)
    kaminari-activerecord (1.2.2)
      activerecord
      kaminari-core (= 1.2.2)
    kaminari-core (1.2.2)
    kramdown (2.5.1)
      rexml (>= 3.3.9)
    language_server-protocol (3.17.0.4)
    launchy (3.1.1)
      addressable (~> 2.8)
      childprocess (~> 5.0)
      logger (~> 1.6)
    letter_opener (1.10.0)
      launchy (>= 2.2, < 4)
    lint_roller (1.1.0)
    listen (3.9.0)
      rb-fsevent (~> 0.10, >= 0.10.3)
      rb-inotify (~> 0.9, >= 0.9.10)
    logger (1.7.0)
    lograge (0.14.0)
      actionpack (>= 4)
      activesupport (>= 4)
      railties (>= 4)
      request_store (~> 1.0)
    logstash-event (1.2.02)
    logstasher (2.1.5)
      activesupport (>= 5.2)
      request_store
    loofah (2.24.0)
      crass (~> 1.0.2)
      nokogiri (>= 1.12.0)
    lumberjack (1.2.10)
    mail (2.8.1)
      mini_mime (>= 0.1.1)
      net-imap
      net-pop
      net-smtp
    marcel (1.0.4)
    matrix (0.4.2)
    method_source (1.1.0)
    mini_mime (1.1.5)
    minitest (5.25.5)
    msgpack (1.8.0)
    multi_json (1.15.0)
    nenv (0.3.0)
    net-http (0.6.0)
      uri
    net-http-persistent (4.0.5)
      connection_pool (~> 2.2)
    net-imap (0.5.6)
      date
      net-protocol
    net-pop (0.1.2)
      net-protocol
    net-protocol (0.2.2)
      timeout
    net-smtp (0.5.1)
      net-protocol
    newrelic_rpm (9.18.0)
    nio4r (2.7.4)
    nokogiri (1.18.7-arm64-darwin)
      racc (~> 1.4)
    nokogiri (1.18.7-x86_64-darwin)
      racc (~> 1.4)
    nokogiri (1.18.7-x86_64-linux-gnu)
      racc (~> 1.4)
    nokogiri (1.18.7-x86_64-linux-musl)
      racc (~> 1.4)
    notiffany (0.1.3)
      nenv (~> 0.1)
      shellany (~> 0.0)
    opentelemetry-api (1.5.0)
    opentelemetry-common (0.22.0)
      opentelemetry-api (~> 1.0)
    opentelemetry-exporter-otlp (0.30.0)
      google-protobuf (>= 3.18)
      googleapis-common-protos-types (~> 1.3)
      opentelemetry-api (~> 1.1)
      opentelemetry-common (~> 0.20)
      opentelemetry-sdk (~> 1.2)
      opentelemetry-semantic_conventions
    opentelemetry-helpers-mysql (0.2.0)
      opentelemetry-api (~> 1.0)
      opentelemetry-common (~> 0.21)
    opentelemetry-helpers-sql-obfuscation (0.3.0)
      opentelemetry-common (~> 0.21)
    opentelemetry-instrumentation-action_mailer (0.4.0)
      opentelemetry-api (~> 1.0)
      opentelemetry-instrumentation-active_support (~> 0.7)
      opentelemetry-instrumentation-base (~> 0.23.0)
    opentelemetry-instrumentation-action_pack (0.12.0)
      opentelemetry-api (~> 1.0)
      opentelemetry-instrumentation-base (~> 0.23.0)
      opentelemetry-instrumentation-rack (~> 0.21)
    opentelemetry-instrumentation-action_view (0.9.0)
      opentelemetry-api (~> 1.0)
      opentelemetry-instrumentation-active_support (~> 0.7)
      opentelemetry-instrumentation-base (~> 0.23.0)
    opentelemetry-instrumentation-active_job (0.8.0)
      opentelemetry-api (~> 1.0)
      opentelemetry-instrumentation-base (~> 0.23.0)
    opentelemetry-instrumentation-active_model_serializers (0.22.0)
      opentelemetry-api (~> 1.0)
      opentelemetry-instrumentation-active_support (>= 0.7.0)
      opentelemetry-instrumentation-base (~> 0.23.0)
    opentelemetry-instrumentation-active_record (0.9.0)
      opentelemetry-api (~> 1.0)
      opentelemetry-instrumentation-base (~> 0.23.0)
    opentelemetry-instrumentation-active_storage (0.1.1)
      opentelemetry-api (~> 1.0)
      opentelemetry-instrumentation-active_support (~> 0.7)
      opentelemetry-instrumentation-base (~> 0.23.0)
    opentelemetry-instrumentation-active_support (0.8.0)
      opentelemetry-api (~> 1.0)
      opentelemetry-instrumentation-base (~> 0.23.0)
    opentelemetry-instrumentation-all (0.74.0)
      opentelemetry-instrumentation-active_model_serializers (~> 0.22.0)
      opentelemetry-instrumentation-aws_lambda (~> 0.3.0)
      opentelemetry-instrumentation-aws_sdk (~> 0.8.0)
      opentelemetry-instrumentation-bunny (~> 0.22.0)
      opentelemetry-instrumentation-concurrent_ruby (~> 0.22.0)
      opentelemetry-instrumentation-dalli (~> 0.26.0)
      opentelemetry-instrumentation-delayed_job (~> 0.23.0)
      opentelemetry-instrumentation-ethon (~> 0.22.0)
      opentelemetry-instrumentation-excon (~> 0.23.0)
      opentelemetry-instrumentation-faraday (~> 0.26.0)
      opentelemetry-instrumentation-grape (~> 0.3.0)
      opentelemetry-instrumentation-graphql (~> 0.29.0)
      opentelemetry-instrumentation-gruf (~> 0.3.0)
      opentelemetry-instrumentation-http (~> 0.24.0)
      opentelemetry-instrumentation-http_client (~> 0.23.0)
      opentelemetry-instrumentation-koala (~> 0.21.0)
      opentelemetry-instrumentation-lmdb (~> 0.23.0)
      opentelemetry-instrumentation-mongo (~> 0.23.0)
      opentelemetry-instrumentation-mysql2 (~> 0.29.0)
      opentelemetry-instrumentation-net_http (~> 0.23.0)
      opentelemetry-instrumentation-pg (~> 0.30.0)
      opentelemetry-instrumentation-que (~> 0.9.0)
      opentelemetry-instrumentation-racecar (~> 0.4.0)
      opentelemetry-instrumentation-rack (~> 0.26.0)
      opentelemetry-instrumentation-rails (~> 0.36.0)
      opentelemetry-instrumentation-rake (~> 0.3.0)
      opentelemetry-instrumentation-rdkafka (~> 0.6.0)
      opentelemetry-instrumentation-redis (~> 0.26.1)
      opentelemetry-instrumentation-resque (~> 0.6.0)
      opentelemetry-instrumentation-restclient (~> 0.23.0)
      opentelemetry-instrumentation-ruby_kafka (~> 0.22.0)
      opentelemetry-instrumentation-sidekiq (~> 0.26.0)
      opentelemetry-instrumentation-sinatra (~> 0.25.0)
      opentelemetry-instrumentation-trilogy (~> 0.61.0)
    opentelemetry-instrumentation-aws_lambda (0.3.0)
      opentelemetry-api (~> 1.0)
      opentelemetry-instrumentation-base (~> 0.23.0)
    opentelemetry-instrumentation-aws_sdk (0.8.0)
      opentelemetry-api (~> 1.0)
      opentelemetry-instrumentation-base (~> 0.23.0)
    opentelemetry-instrumentation-base (0.23.0)
      opentelemetry-api (~> 1.0)
      opentelemetry-common (~> 0.21)
      opentelemetry-registry (~> 0.1)
    opentelemetry-instrumentation-bunny (0.22.0)
      opentelemetry-api (~> 1.0)
      opentelemetry-instrumentation-base (~> 0.23.0)
    opentelemetry-instrumentation-concurrent_ruby (0.22.0)
      opentelemetry-api (~> 1.0)
      opentelemetry-instrumentation-base (~> 0.23.0)
    opentelemetry-instrumentation-dalli (0.26.0)
      opentelemetry-api (~> 1.0)
      opentelemetry-instrumentation-base (~> 0.23.0)
    opentelemetry-instrumentation-delayed_job (0.23.0)
      opentelemetry-api (~> 1.0)
      opentelemetry-instrumentation-base (~> 0.23.0)
    opentelemetry-instrumentation-ethon (0.22.0)
      opentelemetry-api (~> 1.0)
      opentelemetry-instrumentation-base (~> 0.23.0)
    opentelemetry-instrumentation-excon (0.23.0)
      opentelemetry-api (~> 1.0)
      opentelemetry-instrumentation-base (~> 0.23.0)
    opentelemetry-instrumentation-faraday (0.26.0)
      opentelemetry-api (~> 1.0)
      opentelemetry-instrumentation-base (~> 0.23.0)
    opentelemetry-instrumentation-grape (0.3.0)
      opentelemetry-api (~> 1.0)
      opentelemetry-instrumentation-base (~> 0.23.0)
      opentelemetry-instrumentation-rack (~> 0.21)
    opentelemetry-instrumentation-graphql (0.29.0)
      opentelemetry-api (~> 1.0)
      opentelemetry-instrumentation-base (~> 0.23.0)
    opentelemetry-instrumentation-gruf (0.3.0)
      opentelemetry-api (>= 1.0.0)
      opentelemetry-instrumentation-base (~> 0.23.0)
    opentelemetry-instrumentation-http (0.24.0)
      opentelemetry-api (~> 1.0)
      opentelemetry-instrumentation-base (~> 0.23.0)
    opentelemetry-instrumentation-http_client (0.23.0)
      opentelemetry-api (~> 1.0)
      opentelemetry-instrumentation-base (~> 0.23.0)
    opentelemetry-instrumentation-koala (0.21.0)
      opentelemetry-api (~> 1.0)
      opentelemetry-instrumentation-base (~> 0.23.0)
    opentelemetry-instrumentation-lmdb (0.23.0)
      opentelemetry-api (~> 1.0)
      opentelemetry-instrumentation-base (~> 0.23.0)
    opentelemetry-instrumentation-mongo (0.23.0)
      opentelemetry-api (~> 1.0)
      opentelemetry-instrumentation-base (~> 0.23.0)
    opentelemetry-instrumentation-mysql2 (0.29.0)
      opentelemetry-api (~> 1.0)
      opentelemetry-helpers-mysql
      opentelemetry-helpers-sql-obfuscation
      opentelemetry-instrumentation-base (~> 0.23.0)
    opentelemetry-instrumentation-net_http (0.23.0)
      opentelemetry-api (~> 1.0)
      opentelemetry-instrumentation-base (~> 0.23.0)
    opentelemetry-instrumentation-pg (0.30.0)
      opentelemetry-api (~> 1.0)
      opentelemetry-helpers-sql-obfuscation
      opentelemetry-instrumentation-base (~> 0.23.0)
    opentelemetry-instrumentation-que (0.9.0)
      opentelemetry-api (~> 1.0)
      opentelemetry-instrumentation-base (~> 0.23.0)
    opentelemetry-instrumentation-racecar (0.4.0)
      opentelemetry-api (~> 1.0)
      opentelemetry-instrumentation-base (~> 0.23.0)
    opentelemetry-instrumentation-rack (0.26.0)
      opentelemetry-api (~> 1.0)
      opentelemetry-instrumentation-base (~> 0.23.0)
    opentelemetry-instrumentation-rails (0.36.0)
      opentelemetry-api (~> 1.0)
      opentelemetry-instrumentation-action_mailer (~> 0.4.0)
      opentelemetry-instrumentation-action_pack (~> 0.12.0)
      opentelemetry-instrumentation-action_view (~> 0.9.0)
      opentelemetry-instrumentation-active_job (~> 0.8.0)
      opentelemetry-instrumentation-active_record (~> 0.9.0)
      opentelemetry-instrumentation-active_storage (~> 0.1.0)
      opentelemetry-instrumentation-active_support (~> 0.8.0)
      opentelemetry-instrumentation-base (~> 0.23.0)
      opentelemetry-instrumentation-concurrent_ruby (~> 0.22.0)
    opentelemetry-instrumentation-rake (0.3.0)
      opentelemetry-api (~> 1.0)
      opentelemetry-instrumentation-base (~> 0.23.0)
    opentelemetry-instrumentation-rdkafka (0.6.0)
      opentelemetry-api (~> 1.0)
      opentelemetry-instrumentation-base (~> 0.23.0)
    opentelemetry-instrumentation-redis (0.26.1)
      opentelemetry-api (~> 1.0)
      opentelemetry-instrumentation-base (~> 0.23.0)
    opentelemetry-instrumentation-resque (0.6.0)
      opentelemetry-api (~> 1.0)
      opentelemetry-instrumentation-base (~> 0.23.0)
    opentelemetry-instrumentation-restclient (0.23.0)
      opentelemetry-api (~> 1.0)
      opentelemetry-instrumentation-base (~> 0.23.0)
    opentelemetry-instrumentation-ruby_kafka (0.22.0)
      opentelemetry-api (~> 1.0)
      opentelemetry-instrumentation-base (~> 0.23.0)
    opentelemetry-instrumentation-sidekiq (0.26.1)
      opentelemetry-api (~> 1.0)
      opentelemetry-instrumentation-base (~> 0.23.0)
    opentelemetry-instrumentation-sinatra (0.25.0)
      opentelemetry-api (~> 1.0)
      opentelemetry-instrumentation-base (~> 0.23.0)
      opentelemetry-instrumentation-rack (~> 0.21)
    opentelemetry-instrumentation-trilogy (0.61.0)
      opentelemetry-api (~> 1.0)
      opentelemetry-helpers-mysql
      opentelemetry-helpers-sql-obfuscation
      opentelemetry-instrumentation-base (~> 0.23.0)
      opentelemetry-semantic_conventions (>= 1.8.0)
    opentelemetry-registry (0.4.0)
      opentelemetry-api (~> 1.1)
    opentelemetry-sdk (1.8.0)
      opentelemetry-api (~> 1.1)
      opentelemetry-common (~> 0.20)
      opentelemetry-registry (~> 0.2)
      opentelemetry-semantic_conventions
    opentelemetry-semantic_conventions (1.11.0)
      opentelemetry-api (~> 1.0)
    ostruct (0.6.1)
    parallel (1.26.3)
    parser (3.3.7.4)
      ast (~> 2.4.1)
      racc
    plek (5.2.1)
    pp (0.6.2)
      prettyprint
    prettyprint (0.2.0)
    prism (1.4.0)
    prometheus_exporter (2.2.0)
      webrick
    pry (0.15.2)
      coderay (~> 1.1)
      method_source (~> 1.0)
    pry-rails (0.3.11)
      pry (>= 0.13.0)
    psych (5.2.3)
      date
      stringio
    public_suffix (6.0.1)
    puma (6.6.0)
      nio4r (~> 2.0)
    racc (1.8.1)
    rack (3.1.13)
    rack-attack (6.7.0)
      rack (>= 1.0, < 4)
    rack-cors (2.0.2)
      rack (>= 2.0.0)
    rack-proxy (0.7.7)
      rack
    rack-session (2.1.0)
      base64 (>= 0.1.0)
      rack (>= 3.0.0)
    rack-test (2.2.0)
      rack (>= 1.3)
    rackup (2.2.1)
      rack (>= 3)
    rails (8.0.2)
      actioncable (= 8.0.2)
      actionmailbox (= 8.0.2)
      actionmailer (= 8.0.2)
      actionpack (= 8.0.2)
      actiontext (= 8.0.2)
      actionview (= 8.0.2)
      activejob (= 8.0.2)
      activemodel (= 8.0.2)
      activerecord (= 8.0.2)
      activestorage (= 8.0.2)
      activesupport (= 8.0.2)
      bundler (>= 1.15.0)
      railties (= 8.0.2)
    rails-dom-testing (2.2.0)
      activesupport (>= 5.0.0)
      minitest
      nokogiri (>= 1.6)
    rails-html-sanitizer (1.6.2)
      loofah (~> 2.21)
      nokogiri (>= 1.15.7, != 1.16.7, != 1.16.6, != 1.16.5, != 1.16.4, != 1.16.3, != 1.16.2, != 1.16.1, != 1.16.0.rc1, != 1.16.0)
    railties (8.0.2)
      actionpack (= 8.0.2)
      activesupport (= 8.0.2)
      irb (~> 1.13)
      rackup (>= 1.0.0)
      rake (>= 12.2)
      thor (~> 1.0, >= 1.2.2)
      zeitwerk (~> 2.6)
    rainbow (3.1.1)
    rake (13.2.1)
    rb-fsevent (0.11.2)
    rb-inotify (0.11.1)
      ffi (~> 1.0)
    rbs (3.9.2)
      logger
    rdoc (6.13.1)
      psych (>= 4.0.0)
    redis (5.4.0)
      redis-client (>= 0.22.0)
    redis-client (0.24.0)
      connection_pool
    regexp_parser (2.10.0)
    reline (0.6.1)
      io-console (~> 0.5)
    request_store (1.7.0)
      rack (>= 1.4)
    rexml (3.4.1)
    rinku (2.0.6)
    rouge (4.5.1)
    rspec (3.13.0)
      rspec-core (~> 3.13.0)
      rspec-expectations (~> 3.13.0)
      rspec-mocks (~> 3.13.0)
    rspec-core (3.13.3)
      rspec-support (~> 3.13.0)
    rspec-expectations (3.13.3)
      diff-lcs (>= 1.2.0, < 2.0)
      rspec-support (~> 3.13.0)
    rspec-mocks (3.13.2)
      diff-lcs (>= 1.2.0, < 2.0)
      rspec-support (~> 3.13.0)
    rspec-rails (7.1.1)
      actionpack (>= 7.0)
      activesupport (>= 7.0)
      railties (>= 7.0)
      rspec-core (~> 3.13)
      rspec-expectations (~> 3.13)
      rspec-mocks (~> 3.13)
      rspec-support (~> 3.13)
    rspec-support (3.13.2)
    rubocop (1.75.1)
      json (~> 2.3)
      language_server-protocol (~> 3.17.0.2)
      lint_roller (~> 1.1.0)
      parallel (~> 1.10)
      parser (>= 3.3.0.2)
      rainbow (>= 2.2.2, < 4.0)
      regexp_parser (>= 2.9.3, < 3.0)
      rubocop-ast (>= 1.43.0, < 2.0)
      ruby-progressbar (~> 1.7)
      unicode-display_width (>= 2.4.0, < 4.0)
    rubocop-ast (1.44.0)
      parser (>= 3.3.7.2)
      prism (~> 1.4)
    rubocop-capybara (2.22.1)
      lint_roller (~> 1.1)
      rubocop (~> 1.72, >= 1.72.1)
    rubocop-govuk (5.1.3)
      rubocop (= 1.75.1)
      rubocop-ast (= 1.44.0)
      rubocop-capybara (= 2.22.1)
      rubocop-rails (= 2.31.0)
      rubocop-rake (= 0.7.1)
      rubocop-rspec (= 3.5.0)
    rubocop-rails (2.31.0)
      activesupport (>= 4.2.0)
      lint_roller (~> 1.1)
      rack (>= 1.1)
      rubocop (>= 1.75.0, < 2.0)
      rubocop-ast (>= 1.38.0, < 2.0)
    rubocop-rake (0.7.1)
      lint_roller (~> 1.1)
      rubocop (>= 1.72.1)
    rubocop-rspec (3.5.0)
      lint_roller (~> 1.1)
      rubocop (~> 1.72, >= 1.72.1)
    ruby-lsp (0.23.13)
      language_server-protocol (~> 3.17.0)
      prism (>= 1.2, < 2.0)
      rbs (>= 3, < 4)
      sorbet-runtime (>= 0.5.10782)
    ruby-lsp-rails (0.4.0)
      ruby-lsp (>= 0.23.0, < 0.24.0)
    ruby-lsp-rspec (0.1.22)
      ruby-lsp (~> 0.23.0)
    ruby-progressbar (1.13.0)
    sanitize (7.0.0)
      crass (~> 1.0.2)
      nokogiri (>= 1.16.8)
    securerandom (0.4.1)
    semantic_range (3.1.0)
    sentry-rails (5.23.0)
      railties (>= 5.0)
      sentry-ruby (~> 5.23.0)
    sentry-ruby (5.23.0)
      bigdecimal
      concurrent-ruby (~> 1.0, >= 1.0.2)
    shellany (0.0.1)
    shoulda-matchers (6.4.0)
      activesupport (>= 5.2.0)
    simplecov (0.22.0)
      docile (~> 1.1)
      simplecov-html (~> 0.11)
      simplecov_json_formatter (~> 0.1)
    simplecov-html (0.13.1)
    simplecov_json_formatter (0.1.4)
    sorbet-runtime (0.5.11993)
    sprockets (4.2.1)
      concurrent-ruby (~> 1.0)
      rack (>= 2.2.4, < 4)
    sprockets-rails (3.5.2)
      actionpack (>= 6.1)
      activesupport (>= 6.1)
      sprockets (>= 3.0.0)
    statsd-ruby (1.5.0)
    stringio (3.1.6)
    thor (1.3.2)
    timeout (0.4.3)
    tzinfo (2.0.6)
      concurrent-ruby (~> 1.0)
    unicode-display_width (3.1.4)
      unicode-emoji (~> 4.0, >= 4.0.4)
    unicode-emoji (4.0.4)
    uri (1.0.3)
    useragent (0.16.11)
    vcr (6.3.1)
      base64
    webmock (3.25.1)
      addressable (>= 2.8.0)
      crack (>= 0.3.2)
      hashdiff (>= 0.4.0, < 2.0.0)
    webpacker (5.4.4)
      activesupport (>= 5.2)
      rack-proxy (>= 0.6.1)
      railties (>= 5.2)
      semantic_range (>= 2.3.0)
    webrick (1.9.1)
    websocket-driver (0.7.7)
      base64
      websocket-extensions (>= 0.1.0)
    websocket-extensions (0.1.5)
    wizard_steps (0.1.4)
    xpath (3.2.0)
      nokogiri (~> 1.8)
    zeitwerk (2.7.2)

PLATFORMS
  arm64-darwin-23
  arm64-darwin-24
  x86_64-darwin-22
  x86_64-linux
  x86_64-linux-musl

DEPENDENCIES
  amazing_print
  aws-actionmailer-ses
  aws-sdk-rails
  bootsnap
  brakeman
  capybara
  cuprite
  dotenv-rails
  factory_bot_rails
  faraday
  faraday-http-cache
  faraday-net_http_persistent
  faraday-retry
  forgery
  govspeak
  govuk_design_system_formbuilder
  guard-rspec
  guard-rubocop
  kaminari
  letter_opener
  lograge
  logstash-event
  multi_json
  net-http-persistent
  newrelic_rpm
  nokogiri
  plek
  pry-rails
  puma
  rack-attack
  rack-cors
  rack-test
  rails (~> 8.0)
  rails-controller-testing!
  redis
  routing-filter!
  rspec-rails
  rubocop-capybara
  rubocop-govuk
  ruby-lsp-rails
  ruby-lsp-rspec
  shoulda-matchers
  simplecov
  vcr
  webmock
  webpacker
  wizard_steps

RUBY VERSION
   ruby 3.4.2p28

BUNDLED WITH
   2.5.18
